PATH
  remote: .
  specs:
    docker-swarm-api (1.0)
      docker-api (>= 1.33.1)
      json

GEM
  remote: http://rubygems.org/
  specs:
    byebug (6.0.2)
    coderay (1.1.1)
    diff-lcs (1.2.5)
    docker-api (1.33.1)
      excon (>= 0.38.0)
      json
    excon (0.54.0)
    json (2.0.2)
    method_source (0.8.2)
    parallel (1.10.0)
    pry (0.10.4)
      coderay (~> 1.1.0)
      method_source (~> 0.8.1)
      slop (~> 3.4)
    rake (12.0.0)
    retries (0.0.5)
    rspec (3.5.0)
      rspec-core (~> 3.5.0)
      rspec-expectations (~> 3.5.0)
      rspec-mocks (~> 3.5.0)
    rspec-core (3.5.4)
      rspec-support (~> 3.5.0)
    rspec-expectations (3.5.0)
      diff-lcs (>= 1.2.0, < 2.0)
      rspec-support (~> 3.5.0)
    rspec-its (1.2.0)
      rspec-core (>= 3.0.0)
      rspec-expectations (>= 3.0.0)
    rspec-mocks (3.5.0)
      diff-lcs (>= 1.2.0, < 2.0)
      rspec-support (~> 3.5.0)
    rspec-support (3.5.0)
    single_cov (0.5.8)
    slop (3.6.0)

PLATFORMS
  ruby

DEPENDENCIES
  byebug (~> 6.0)
  docker-swarm-api!
  parallel
  pry
  rake
  retries (~> 0.0.5)
  rspec (~> 3.0)
  rspec-its
  single_cov

BUNDLED WITH
   1.10.4
